GEM
  remote: https://rubygems.org/
  specs:
    oauth (0.5.1)
    twurl (0.9.3)
      oauth (~> 0.4)

PLATFORMS
  ruby

DEPENDENCIES
  twurl

BUNDLED WITH
   1.13.1
